GEM
  remote: http://rubygems.org/
  specs:
    bunny (0.7.8)
    eventmachine (0.12.10)
    git (1.2.5)
    jeweler (1.8.3)
      bundler (~> 1.0)
      git (>= 1.2.5)
      rake
      rdoc
    json (1.6.5)
    rake (0.9.2.2)
    rcov (1.0.0)
    rdoc (3.12)
      json (~> 1.4)
    shoulda (2.11.3)

PLATFORMS
  ruby

DEPENDENCIES
  bundler (~> 1.0.0)
  bunny
  eventmachine
  jeweler (~> 1.8.3)
  rcov
  rdoc (~> 3.12)
  shoulda
